GIT
  remote: http://github.com/mattmacleod/paperclip.git
  revision: ae53c4d935977b443df7dea7eb6632c824fa7a9c
  specs:
    paperclip (2.3.8)
      activerecord
      activesupport

GIT
  remote: https://github.com/lapluviosilla/tickle.git
  revision: 3aedacc797f809f85f0bb6f13ec10d4b63a6eec5
  specs:
    lapluviosilla-tickle (0.1.9)
      chronic (>= 0.2.3)

GEM
  remote: http://rubygems.org/
  specs:
    ZenTest (4.4.2)
    abstract (1.0.0)
    actionmailer (3.0.4)
      actionpack (= 3.0.4)
      mail (~> 2.2.15)
    actionpack (3.0.4)
      activemodel (= 3.0.4)
      activesupport (= 3.0.4)
      builder (~> 2.1.2)
      erubis (~> 2.6.6)
      i18n (~> 0.4)
      rack (~> 1.2.1)
      rack-mount (~> 0.6.13)
      rack-test (~> 0.5.7)
      tzinfo (~> 0.3.23)
    activemodel (3.0.4)
      activesupport (= 3.0.4)
      builder (~> 2.1.2)
      i18n (~> 0.4)
    activerecord (3.0.4)
      activemodel (= 3.0.4)
      activesupport (= 3.0.4)
      arel (~> 2.0.2)
      tzinfo (~> 0.3.23)
    activeresource (3.0.4)
      activemodel (= 3.0.4)
      activesupport (= 3.0.4)
    activesupport (3.0.4)
    arel (2.0.8)
    autotest (4.4.6)
      ZenTest (>= 4.4.1)
    autotest-rails (4.1.0)
      ZenTest
    builder (2.1.2)
    cgi_multipart_eof_fix (2.5.0)
    chronic (0.3.0)
    closure-compiler (1.0.0)
    columnize (0.3.2)
    daemons (1.1.0)
    dr_dre (0.1.1)
    erubis (2.6.6)
      abstract (>= 1.0.0)
    factory_girl (1.3.2)
    factory_girl_rails (1.0)
      factory_girl (~> 1.3)
      rails (>= 3.0.0.beta4)
    fastercsv (1.5.3)
    fastthread (1.0.7)
    gem_plugin (0.2.3)
    git (1.2.5)
    haml (3.0.25)
    htmlentities (4.2.2)
    i18n (0.5.0)
    jammit (0.5.4)
      closure-compiler (>= 0.1.0)
      yui-compressor (>= 0.9.1)
    jeweler (1.5.2)
      bundler (~> 1.0.0)
      git (>= 1.2.5)
      rake
    linecache (0.43)
    mail (2.2.15)
      activesupport (>= 2.3.6)
      i18n (>= 0.4.0)
      mime-types (~> 1.16)
      treetop (~> 1.4.8)
    mime-types (1.16)
    mongrel (1.1)
      cgi_multipart_eof_fix (>= 2.4)
      daemons (>= 1.0.3)
      fastthread (>= 1.0.1)
      gem_plugin (>= 0.2.3)
    mongrel_experimental (1.1)
      mongrel (= 1.1)
    paper_trail (2.0.1)
      rails (~> 3)
    polyglot (0.3.1)
    rack (1.2.1)
    rack-mount (0.6.13)
      rack (>= 1.0.0)
    rack-test (0.5.7)
      rack (>= 1.0)
    rails (3.0.4)
      actionmailer (= 3.0.4)
      actionpack (= 3.0.4)
      activerecord (= 3.0.4)
      activeresource (= 3.0.4)
      activesupport (= 3.0.4)
      bundler (~> 1.0)
      railties (= 3.0.4)
    railties (3.0.4)
      actionpack (= 3.0.4)
      activesupport (= 3.0.4)
      rake (>= 0.8.7)
      thor (~> 0.14.4)
    rake (0.8.7)
    rcov (0.9.9)
    rmagick (2.13.1)
    ruby-debug (0.10.4)
      columnize (>= 0.1)
      ruby-debug-base (~> 0.10.4.0)
    ruby-debug-base (0.10.4)
      linecache (>= 0.3)
    shoulda (2.11.3)
    sqlite3-ruby (1.3.2)
    thor (0.14.6)
    tickle (0.1.7)
      chronic (>= 0.2.3)
    treetop (1.4.9)
      polyglot (>= 0.3.1)
    tzinfo (0.3.24)
    will_paginate (3.0.pre2)
    yui-compressor (0.9.4)
    zip (2.0.2)

PLATFORMS
  ruby

DEPENDENCIES
  autotest
  autotest-rails
  cgi_multipart_eof_fix
  chronic (= 0.3.0)
  dr_dre
  factory_girl_rails
  fastercsv (= 1.5.3)
  fastthread
  haml (= 3.0.25)
  htmlentities (= 4.2.2)
  jammit
  jeweler (= 1.5.2)
  lapluviosilla-tickle!
  mime-types (= 1.16)
  mongrel
  mongrel_experimental
  paper_trail (= 2.0.1)
  paperclip!
  rails (= 3.0.4)
  rcov
  rmagick
  ruby-debug
  shoulda
  sqlite3-ruby
  tickle (= 0.1.7)
  will_paginate (= 3.0.pre2)
  zip (= 2.0.2)
