GIT
  remote: http://github.com/mattmacleod/paper_trail.git
  revision: a2559172f15e721e87bd0a189cacb187fbe87077
  specs:
    paper_trail (1.6.4)
      actionpack (>= 2.3)
      activerecord (>= 2.3)

GIT
  remote: http://github.com/mattmacleod/paperclip.git
  revision: ae53c4d935977b443df7dea7eb6632c824fa7a9c
  specs:
    paperclip (2.3.8)
      activerecord
      activesupport

GIT
  remote: http://github.com/mislav/will_paginate.git
  revision: b1a5beeec9f56ecbe3594fcdca76d92b6767ce50
  branch: rails3
  specs:
    will_paginate (3.0.pre3)

GIT
  remote: https://github.com/lapluviosilla/tickle.git
  revision: 3aedacc797f809f85f0bb6f13ec10d4b63a6eec5
  specs:
    lapluviosilla-tickle (0.1.9)
      chronic (>= 0.2.3)

GEM
  remote: http://rubygems.org/
  specs:
    ZenTest (4.4.2)
    abstract (1.0.0)
    actionmailer (3.0.3)
      actionpack (= 3.0.3)
      mail (~> 2.2.9)
    actionpack (3.0.3)
      activemodel (= 3.0.3)
      activesupport (= 3.0.3)
      builder (~> 2.1.2)
      erubis (~> 2.6.6)
      i18n (~> 0.4)
      rack (~> 1.2.1)
      rack-mount (~> 0.6.13)
      rack-test (~> 0.5.6)
      tzinfo (~> 0.3.23)
    activemodel (3.0.3)
      activesupport (= 3.0.3)
      builder (~> 2.1.2)
      i18n (~> 0.4)
    activerecord (3.0.3)
      activemodel (= 3.0.3)
      activesupport (= 3.0.3)
      arel (~> 2.0.2)
      tzinfo (~> 0.3.23)
    activeresource (3.0.3)
      activemodel (= 3.0.3)
      activesupport (= 3.0.3)
    activesupport (3.0.3)
    arel (2.0.6)
    autotest (4.4.6)
      ZenTest (>= 4.4.1)
    autotest-rails (4.1.0)
      ZenTest
    builder (2.1.2)
    cgi_multipart_eof_fix (2.5.0)
    chronic (0.3.0)
    closure-compiler (0.3.3)
    columnize (0.3.2)
    daemons (1.1.0)
    dr_dre (0.1.1)
    erubis (2.6.6)
      abstract (>= 1.0.0)
    factory_girl (1.3.2)
    factory_girl_rails (1.0)
      factory_girl (~> 1.3)
      rails (>= 3.0.0.beta4)
    fastercsv (1.5.3)
    fastthread (1.0.7)
    gem_plugin (0.2.3)
    haml (3.0.25)
    htmlentities (4.2.2)
    i18n (0.5.0)
    jammit (0.5.4)
      closure-compiler (>= 0.1.0)
      yui-compressor (>= 0.9.1)
    linecache (0.43)
    mail (2.2.13)
      activesupport (>= 2.3.6)
      i18n (>= 0.4.0)
      mime-types (~> 1.16)
      treetop (~> 1.4.8)
    mime-types (1.16)
    mongrel (1.1)
      cgi_multipart_eof_fix (>= 2.4)
      daemons (>= 1.0.3)
      fastthread (>= 1.0.1)
      gem_plugin (>= 0.2.3)
    mongrel_experimental (1.1)
      mongrel (= 1.1)
    mysql (2.8.1)
    newrelic_rpm (2.13.4)
    polyglot (0.3.1)
    rack (1.2.1)
    rack-mount (0.6.13)
      rack (>= 1.0.0)
    rack-test (0.5.6)
      rack (>= 1.0)
    rails (3.0.3)
      actionmailer (= 3.0.3)
      actionpack (= 3.0.3)
      activerecord (= 3.0.3)
      activeresource (= 3.0.3)
      activesupport (= 3.0.3)
      bundler (~> 1.0)
      railties (= 3.0.3)
    railties (3.0.3)
      actionpack (= 3.0.3)
      activesupport (= 3.0.3)
      rake (>= 0.8.7)
      thor (~> 0.14.4)
    rake (0.8.7)
    rcov (0.9.9)
    rmagick (2.13.1)
    ruby-debug (0.10.4)
      columnize (>= 0.1)
      ruby-debug-base (~> 0.10.4.0)
    ruby-debug-base (0.10.4)
      linecache (>= 0.3)
    shoulda (2.11.3)
    sqlite3-ruby (1.3.2)
    thor (0.14.6)
    treetop (1.4.9)
      polyglot (>= 0.3.1)
    tzinfo (0.3.23)
    yui-compressor (0.9.1)
    zip (2.0.2)

PLATFORMS
  ruby

DEPENDENCIES
  autotest
  autotest-rails
  cgi_multipart_eof_fix
  chronic
  dr_dre
  factory_girl_rails
  fastercsv
  fastthread
  haml
  htmlentities
  jammit
  lapluviosilla-tickle!
  mime-types
  mongrel
  mongrel_experimental
  mysql
  newrelic_rpm (= 2.13.4)
  paper_trail!
  paperclip!
  rails (= 3.0.3)
  rcov
  rmagick
  ruby-debug
  shoulda
  sqlite3-ruby
  will_paginate!
  zip
